GEM
  remote: http://rubygems.org/
  specs:
    coderay (1.1.0)
    em-synchrony (1.0.3)
      eventmachine (>= 1.0.0.beta.1)
    eventmachine (1.0.3)
    fiber (0.0.1)
    method_source (0.8.2)
    minitest (5.3.0)
    pry (0.9.12.6)
      coderay (~> 1.0)
      method_source (~> 0.8)
      slop (~> 3.4)
    slop (3.4.7)

PLATFORMS
  ruby

DEPENDENCIES
  em-synchrony
  fiber
  minitest
  pry
